GEM
  remote: https://rubygems.org/
  specs:
    activemodel (3.2.21)
      activesupport (= 3.2.21)
      builder (~> 3.0.0)
    activerecord (3.2.21)
      activemodel (= 3.2.21)
      activesupport (= 3.2.21)
      arel (~> 3.0.2)
      tzinfo (~> 0.3.29)
    activesupport (3.2.21)
      i18n (~> 0.6, >= 0.6.4)
      multi_json (~> 1.0)
    arel (3.0.3)
    async-rack (0.5.1)
      rack (~> 1.1)
    builder (3.0.4)
    cramp (0.15.3)
      activesupport (~> 3.2.16)
      eventmachine (~> 1.0.3)
      faye-websocket (~> 0.7.1)
      rack (~> 1.5.2)
      thor (~> 0.18.0)
    daemons (1.2.2)
    eventmachine (1.0.7)
    faye-websocket (0.7.5)
      eventmachine (>= 0.12.0)
      websocket-driver (>= 0.3.5)
    http_router (0.11.1)
      rack (>= 1.0.0)
      url_mount (~> 0.2.1)
    i18n (0.7.0)
    multi_json (1.11.0)
    rack (1.5.3)
    thin (1.6.3)
      daemons (~> 1.0, >= 1.0.9)
      eventmachine (~> 1.0)
      rack (~> 1.0)
    thor (0.18.1)
    tzinfo (0.3.44)
    url_mount (0.2.1)
      rack
    websocket-driver (0.5.4)
      websocket-extensions (>= 0.1.0)
    websocket-extensions (0.1.2)

PLATFORMS
  ruby

DEPENDENCIES
  activerecord
  async-rack
  cramp
  http_router
  thin
